GEM
  remote: http://rubygems.org/
  specs:
    RedCloth (4.2.9)
    albino (1.3.3)
      posix-spawn (>= 0.3.6)
    blankslate (2.1.2.4)
    chunky_png (1.2.5)
    classifier (1.3.3)
      fast-stemmer (>= 1.0.0)
    compass (0.11.7)
      chunky_png (~> 1.2)
      fssm (>= 0.2.7)
      sass (~> 3.1)
    directory_watcher (1.4.1)
    fast-stemmer (1.0.0)
    ffi (1.0.11)
    fssm (0.2.8.1)
    haml (3.1.4)
    jekyll (0.11.0)
      albino (>= 1.3.2)
      classifier (>= 1.3.1)
      directory_watcher (>= 1.1.1)
      kramdown (>= 0.13.2)
      liquid (>= 1.9.0)
      maruku (>= 0.5.9)
    kramdown (0.13.5)
    liquid (2.2.2)
    maruku (0.6.0)
      syntax (>= 1.0.0)
    posix-spawn (0.3.6)
    pygments.rb (0.2.4)
      rubypython (~> 0.5.3)
    rack (1.4.1)
    rake (0.9.2.2)
    rb-fsevent (0.9.0)
    rdiscount (1.6.8)
    rubypants (0.2.0)
    rubypython (0.5.3)
      blankslate (>= 2.1.2.3)
      ffi (~> 1.0.7)
    sass (3.1.15)
    sinatra (1.2.6)
      rack (~> 1.1)
      tilt (>= 1.2.2, < 2.0)
    stringex (1.3.2)
    syntax (1.0.0)
    tilt (1.3.3)

PLATFORMS
  ruby

DEPENDENCIES
  RedCloth
  compass (>= 0.11)
  haml (>= 3.1)
  jekyll
  liquid (= 2.2.2)
  pygments.rb
  rack
  rake
  rb-fsevent
  rdiscount
  rubypants
  sinatra (= 1.2.6)
  stringex
