GEM
  remote: https://rubygems.org/
  specs:
    minitest (4.6.2)
    rake (10.0.3)

PLATFORMS
  ruby

DEPENDENCIES
  minitest
  rake (~> 10.0)
